PATH
  remote: .
  specs:
    imgclip (0.1.1)

GEM
  remote: https://rubygems.org/
  specs:
    rake (10.5.0)
    rake-compiler (1.0.5)
      rake

PLATFORMS
  ruby

DEPENDENCIES
  bundler (~> 1.17)
  imgclip!
  rake (~> 10.0)
  rake-compiler

BUNDLED WITH
   1.17.1
